PATH
  remote: .
  specs:
    idsimple-rack (0.1.1)
      jwt (~> 2.0)
      rack (>= 1.0, < 3)

GEM
  remote: https://rubygems.org/
  specs:
    byebug (11.1.3)
    coderay (1.1.3)
    diff-lcs (1.4.4)
    jwt (2.3.0)
    method_source (1.0.0)
    pry (0.13.1)
      coderay (~> 1.1)
      method_source (~> 1.0)
    pry-byebug (3.9.0)
      byebug (~> 11.0)
      pry (~> 0.13.0)
    rack (2.2.3)
    rack-test (1.1.0)
      rack (>= 1.0, < 3)
    rake (12.3.3)
    rspec (3.10.0)
      rspec-core (~> 3.10.0)
      rspec-expectations (~> 3.10.0)
      rspec-mocks (~> 3.10.0)
    rspec-core (3.10.1)
      rspec-support (~> 3.10.0)
    rspec-expectations (3.10.1)
      diff-lcs (>= 1.2.0, < 2.0)
      rspec-support (~> 3.10.0)
    rspec-mocks (3.10.2)
      diff-lcs (>= 1.2.0, < 2.0)
      rspec-support (~> 3.10.0)
    rspec-support (3.10.2)
    timecop (0.9.4)

PLATFORMS
  ruby

DEPENDENCIES
  idsimple-rack!
  pry-byebug (~> 3.9)
  rack-test (~> 1.1.0)
  rake (~> 12.0)
  rspec (~> 3.0)
  timecop (~> 0.9)

BUNDLED WITH
   2.1.4
