PATH
  remote: .
  specs:
    idsimple-rack (0.1.0)
      jwt (~> 2.0)
      rack (>= 1.0, < 3)

GEM
  remote: https://rubygems.org/
  specs:
    jwt (2.3.0)
    minitest (5.14.4)
    rack (2.2.3)
    rake (12.3.3)

PLATFORMS
  ruby

DEPENDENCIES
  idsimple-rack!
  minitest (~> 5.0)
  rake (~> 12.0)

BUNDLED WITH
   2.1.4
